GEM
  remote: https://rubygems.org/
  specs:
    archive-tar-minitar (0.5.2)
    awesome_print (1.2.0)
    chef (11.12.4)
      chef-zero (~> 2.0, >= 2.0.2)
      diff-lcs (~> 1.2, >= 1.2.4)
      erubis (~> 2.7)
      highline (~> 1.6, >= 1.6.9)
      json (>= 1.4.4, <= 1.8.1)
      mime-types (~> 1.16)
      mixlib-authentication (~> 1.3)
      mixlib-cli (~> 1.4)
      mixlib-config (~> 2.0)
      mixlib-log (~> 1.3)
      mixlib-shellout (~> 1.4)
      net-ssh (~> 2.6)
      net-ssh-multi (~> 1.1)
      ohai (~> 7.0.4)
      pry (~> 0.9)
      rest-client (>= 1.0.4, < 1.7.0)
      yajl-ruby (~> 1.1)
    chef-zero (2.0.2)
      hashie (~> 2.0)
      json
      mixlib-log (~> 1.3)
      rack
    coderay (1.1.0)
    diff-lcs (1.2.5)
    erubis (2.7.0)
<<<<<<< HEAD
    foodcritic (4.0.0)
      erubis
      gherkin (~> 2.11)
      nokogiri (~> 1.5)
      rake
      rufus-lru (~> 1.0)
      treetop (~> 1.4)
      yajl-ruby (~> 1.1)
    gherkin (2.12.2)
      multi_json (~> 1.3)
    hashie (2.1.1)
=======
    foodcritic (3.0.3)
      erubis
      gherkin (~> 2.11.7)
      nokogiri (~> 1.5.4)
      rake
      treetop (~> 1.4.10)
      yajl-ruby (~> 1.1.0)
    gherkin (2.11.8)
      multi_json (~> 1.3)
    hashie (1.2.0)
>>>>>>> 8248d1dbc10542a8b0cc0a0ebf9ac19dafb154ec
    highline (1.6.21)
    ipaddress (0.8.0)
    json (1.8.1)
    librarian (0.1.2)
      highline
      thor (~> 0.15)
    librarian-chef (0.0.2)
      archive-tar-minitar (>= 0.5.2)
      chef (>= 0.10)
      librarian (~> 0.1.0)
    method_source (0.8.2)
    mime-types (1.25.1)
    mini_portile (0.6.0)
    mixlib-authentication (1.3.0)
      mixlib-log
    mixlib-cli (1.5.0)
    mixlib-config (2.1.0)
    mixlib-log (1.6.0)
<<<<<<< HEAD
    mixlib-shellout (1.4.0)
    multi_json (1.10.1)
    net-ssh (2.9.0)
    net-ssh-gateway (1.2.0)
      net-ssh (>= 2.6.5)
    net-ssh-multi (1.2.0)
      net-ssh (>= 2.6.5)
      net-ssh-gateway (>= 1.2.0)
    nokogiri (1.6.2.1)
      mini_portile (= 0.6.0)
    ohai (7.0.4)
=======
    mixlib-shellout (1.2.0)
    multi_json (1.10.0)
    net-ssh (2.6.8)
    net-ssh-gateway (1.2.0)
      net-ssh (>= 2.6.5)
    net-ssh-multi (1.1)
      net-ssh (>= 2.1.4)
      net-ssh-gateway (>= 0.99.0)
    nokogiri (1.5.11)
    ohai (6.18.0)
>>>>>>> 8248d1dbc10542a8b0cc0a0ebf9ac19dafb154ec
      ipaddress
      mime-types (~> 1.16)
      mixlib-cli
      mixlib-config (~> 2.0)
      mixlib-log
      mixlib-shellout (~> 1.2)
      systemu (~> 2.5.2)
      yajl-ruby
    plist (3.1.0)
<<<<<<< HEAD
    polyglot (0.3.5)
    pry (0.9.12.6)
      coderay (~> 1.0)
      method_source (~> 0.8)
      slop (~> 3.4)
    rack (1.5.2)
    rake (10.3.2)
=======
    polyglot (0.3.4)
    rake (10.3.1)
>>>>>>> 8248d1dbc10542a8b0cc0a0ebf9ac19dafb154ec
    rest-client (1.6.7)
      mime-types (>= 1.16)
    rufus-lru (1.0.5)
    slop (3.5.0)
    soloist (1.0.3)
      awesome_print
      chef
      hashie (~> 2.0)
      librarian-chef
      net-ssh
      thor
    systemu (2.5.2)
<<<<<<< HEAD
    thor (0.19.1)
    treetop (1.5.3)
      polyglot (~> 0.3)
    yajl-ruby (1.2.0)
=======
    thor (0.18.1)
    treetop (1.4.15)
      polyglot
      polyglot (>= 0.3.1)
    yajl-ruby (1.1.0)
>>>>>>> 8248d1dbc10542a8b0cc0a0ebf9ac19dafb154ec

PLATFORMS
  ruby

DEPENDENCIES
  foodcritic
  plist
  soloist
